GEM
  remote: https://rubygems.org/
  specs:
    awesome_print (1.1.0)
    daemons (1.1.9)
    eventmachine (1.0.0)
    json (1.8.0)
    oauth (0.4.7)
    rack (1.5.2)
    rack-protection (1.5.1)
      rack
    sinatra (1.4.4)
      rack (~> 1.4)
      rack-protection (~> 1.4)
      tilt (~> 1.3, >= 1.3.4)
    thin (1.5.0)
      daemons (>= 1.0.9)
      eventmachine (>= 0.12.6)
      rack (>= 1.0.0)
    tilt (1.4.1)

PLATFORMS
  ruby

DEPENDENCIES
  awesome_print
  json
  oauth
  sinatra
  thin
